GEM
  remote: https://rubygems.org/
  specs:
    bindata (2.4.15)
    optimist (3.1.0)

PLATFORMS
  aarch64-linux-musl
  arm64-darwin-21
  x86_64-linux

DEPENDENCIES
  bindata (~> 2.4)
  optimist

BUNDLED WITH
   2.4.18
